GIT
  remote: https://github.com/lovehandle/asl
  revision: a2344d0936d7dcc33e1cc54ff6ab969d98ef8f49
  specs:
    asl (0.1.0)
      httparty
      nokogiri

GEM
  remote: https://rubygems.org/
  specs:
    httparty (0.13.5)
      json (~> 1.8)
      multi_xml (>= 0.5.2)
    json (1.8.3)
    mini_portile (0.6.2)
    multi_xml (0.5.5)
    nokogiri (1.6.6.2)
      mini_portile (~> 0.6.0)
    trollop (2.1.2)

PLATFORMS
  ruby

DEPENDENCIES
  asl!
  trollop

BUNDLED WITH
   1.10.5
